{
  "Modality": "MR",
  "MagneticFieldStrength": 3,
  "ImagingFrequency": 123.262751,
  "Manufacturer": "Siemens",
  "ManufacturersModelName": "MAGNETOM Vida",
  "BodyPartExamined": "HEAD",
  "PatientPosition": "HFS",
  "SoftwareVersions": "syngo MR XA31",
  "MRAcquisitionType": "2D",
  "SeriesDescription": "fmap_acq-FRest_dir-PA",
  "ProtocolName": "fmap_acq-FRest_dir-PA",
  "ScanningSequence": "EP",
  "SequenceVariant": "SK",
  "ScanOptions": "FS",
  "PulseSequenceName": "*epfid2d1_96",
  "ImageType": [
    "ORIGINAL",
    "PRIMARY",
    "FMRI",
    "NONE"
  ],
  "ImageTypeText": [
    "ORIGINAL",
    "PRIMARY",
    "M",
    "NORM",
    "DIS2D"
  ],
  "NonlinearGradientCorrection": true,
  "AcquisitionTime": "13:17:0.215000",
  "AcquisitionNumber": 1,
  "SliceThickness": 2.5,
  "SpacingBetweenSlices": 2.5,
  "EchoTime": 0.03,
  "RepetitionTime": 1.4,
  "MTState": false,
  "FlipAngle": 65,
  "PartialFourier": 1,
  "BaseResolution": 96,
  "ShimSetting": [
    -1193,
    2644,
    9397,
    481,
    -109,
    -219,
    -125,
    119
  ],
  "TxRefAmp": 319.403,
  "PhaseResolution": 1,
  "ReceiveCoilName": "HeadNeck_64_CS",
  "ReceiveCoilActiveElements": "HC1-7;NC1",
  "CoilString": "HeadNeck_64_CS",
  "PulseSequenceDetails": "%SiemensSeq%\\ep2d_bold",
  "RefLinesPE": 48,
  "CoilCombinationMethod": "Sum of Squares",
  "MultibandAccelerationFactor": 4,
  "PercentPhaseFOV": 100,
  "PercentSampling": 100,
  "EchoTrainLength": 48,
  "PhaseEncodingSteps": 96,
  "FrequencyEncodingSteps": 96,
  "AcquisitionMatrixPE": 96,
  "ReconMatrixPE": 96,
  "BandwidthPerPixelPhaseEncode": 31.566,
  "ParallelReductionFactorInPlane": 2,
  "ParallelAcquisitionTechnique": "SMS",
  "EffectiveEchoSpacing": 0.000329996,
  "DerivedVendorReportedEchoSpacing": 0.000659993,
  "AcquisitionDuration": 27.287,
  "TotalReadoutTime": 0.0313497,
  "PixelBandwidth": 1796,
  "DwellTime": 2.9e-06,
  "PhaseEncodingDirection": "j",
  "SliceTiming": [
    0,
    0.735,
    0.09,
    0.8275,
    0.1825,
    0.92,
    0.275,
    1.01,
    0.3675,
    1.1025,
    0.46,
    1.195,
    0.55,
    1.2875,
    0.6425,
    0,
    0.735,
    0.09,
    0.8275,
    0.1825,
    0.92,
    0.275,
    1.01,
    0.3675,
    1.1025,
    0.46,
    1.195,
    0.55,
    1.2875,
    0.6425,
    0,
    0.735,
    0.09,
    0.8275,
    0.1825,
    0.92,
    0.275,
    1.01,
    0.3675,
    1.1025,
    0.46,
    1.195,
    0.55,
    1.2875,
    0.6425,
    0,
    0.735,
    0.09,
    0.8275,
    0.1825,
    0.92,
    0.275,
    1.01,
    0.3675,
    1.1025,
    0.46,
    1.195,
    0.55,
    1.2875,
    0.6425
  ],
  "ImageOrientationPatientDICOM": [
    0.993203,
    -0.115446,
    0.0148288,
    0.110703,
    0.897598,
    -0.426689
  ],
  "InPlanePhaseEncodingDirectionDICOM": "COL",
  "ConversionSoftware": "dcm2niix",
  "ConversionSoftwareVersion": "v1.0.20230411",
  "IntendedFor": [
    "bids::sub-126BPCP021110/ses-1/func/sub-126BPCP021110_ses-1_task-rest_bold.nii.gz"
  ]
}
