{
  "Modality": "MR",
  "MagneticFieldStrength": 3,
  "ImagingFrequency": 123.262743,
  "Manufacturer": "Siemens",
  "ManufacturersModelName": "MAGNETOM Vida",
  "BodyPartExamined": "HEAD",
  "PatientPosition": "HFS",
  "SoftwareVersions": "syngo MR XA31",
  "MRAcquisitionType": "3D",
  "SeriesDescription": "anat-T1w",
  "ProtocolName": "anat-T1w",
  "ScanningSequence": "GR\\IR",
  "SequenceVariant": "SK\\SP\\MP\\OSP",
  "ScanOptions": "IR\\WE",
  "PulseSequenceName": "*tfl3d1_224ns",
  "ImageType": [
    "ORIGINAL",
    "PRIMARY",
    "M",
    "NONE"
  ],
  "ImageTypeText": [
    "ORIGINAL",
    "PRIMARY",
    "M",
    "NORM",
    "DIS3D",
    "DIS2D"
  ],
  "NonlinearGradientCorrection": true,
  "AcquisitionTime": "13:11:12.520000",
  "AcquisitionNumber": 1,
  "SliceThickness": 0.9,
  "EchoTime": 0.00206,
  "RepetitionTime": 1.97,
  "MTState": false,
  "InversionTime": 1,
  "FlipAngle": 8,
  "PartialFourier": 1,
  "BaseResolution": 256,
  "ShimSetting": [
    -1197,
    2531,
    9282,
    114,
    -138,
    -1252,
    62,
    124
  ],
  "TxRefAmp": 325.701,
  "PhaseResolution": 1,
  "PhaseOversampling": 0.15,
  "ReceiveCoilName": "HeadNeck_64_CS",
  "ReceiveCoilActiveElements": "HC1-7;NC1,2",
  "CoilString": "HeadNeck_64_CS",
  "PulseSequenceDetails": "%SiemensSeq%\\tfl",
  "RefLinesPE": 24,
  "CoilCombinationMethod": "Adaptive Combine",
  "MatrixCoilMode": "GRAPPA",
  "PercentPhaseFOV": 100,
  "PercentSampling": 100,
  "PhaseEncodingSteps": 256,
  "FrequencyEncodingSteps": 256,
  "PhaseEncodingStepsOutOfPlane": 224,
  "AcquisitionMatrixPE": 295,
  "ReconMatrixPE": 256,
  "ParallelReductionFactorInPlane": 2,
  "ParallelAcquisitionTechnique": "GRAPPA",
  "AcquisitionDuration": 313.177,
  "PixelBandwidth": 230,
  "DwellTime": 8.5e-06,
  "ImageOrientationPatientDICOM": [
    0.0747453,
    0.99716,
    -0.00918349,
    0.0500292,
    -0.0129474,
    -0.998664
  ],
  "InPlanePhaseEncodingDirectionDICOM": "ROW",
  "ConversionSoftware": "dcm2niix",
  "ConversionSoftwareVersion": "v1.0.20230411"
}
